GEM
  remote: https://rubygems.org/
  specs:
    rack (1.5.2)
    rack-protection (1.5.3)
      rack
    rmagick (2.15.4)
    shotgun (0.9)
      rack (>= 1.0)
    sinatra (1.4.5)
      rack (~> 1.4)
      rack-protection (~> 1.4)
      tilt (~> 1.3, >= 1.3.4)
    sparklines (0.5.2)
    tilt (1.4.1)

PLATFORMS
  ruby

DEPENDENCIES
  rmagick (~> 2.15.4)
  shotgun
  sinatra
  sparklines

BUNDLED WITH
   1.10.6
