GEM
  remote: https://rubygems.org/
  specs:
    rack (1.6.4)
    rack-protection (1.5.3)
      rack
    rmagick (2.15.4)
    shotgun (0.9.1)
      rack (>= 1.0)
    sinatra (1.4.6)
      rack (~> 1.4)
      rack-protection (~> 1.4)
      tilt (>= 1.3, < 3)
    sparklines (0.5.2)
    tilt (2.0.1)

PLATFORMS
  ruby

DEPENDENCIES
  rmagick
  shotgun
  sinatra
  sparklines

BUNDLED WITH
   1.10.6
