GEM
  remote: https://rubygems.org/
  specs:
    hoe (3.14.2)
      rake (>= 0.8, < 11.0)
    rack (1.6.4)
    rack-protection (1.5.3)
      rack
    rake (10.5.0)
    rmagick (2.15.4)
    shotgun (0.9.1)
      rack (>= 1.0)
    sinatra (1.4.7)
      rack (~> 1.5)
      rack-protection (~> 1.4)
      tilt (>= 1.3, < 3)
    sparklines (0.5.2)
      hoe (>= 1.7.0)
    tilt (2.0.2)

PLATFORMS
  ruby

DEPENDENCIES
  rmagick
  shotgun
  sinatra
  sparklines

BUNDLED WITH
   1.11.2
